GIT
  remote: https://github.com/net-ssh/net-ssh
  revision: edd7335d42630aec1ad5b18542e863608bb4ed39
  specs:
    net-ssh (3.0.1)

GEM
  remote: http://rubygems.org/
  specs:
    capistrano (3.4.0)
      i18n
      rake (>= 10.0.0)
      sshkit (~> 1.3)
    colorize (0.7.7)
    i18n (0.7.0)
    net-scp (1.2.1)
      net-ssh (>= 2.6.5)
    rake (10.4.2)
    sshkit (1.7.1)
      colorize (>= 0.7.0)
      net-scp (>= 1.1.2)
      net-ssh (>= 2.8.0)

PLATFORMS
  x86-mingw32

DEPENDENCIES
  capistrano (~> 3.4.0)
  net-ssh (~> 3.0.1)!

BUNDLED WITH
   1.10.6
